GEM
  remote: https://rubygems.org/
  specs:
    activesupport (4.2.5.1)
      i18n (~> 0.7)
      json (~> 1.7, >= 1.7.7)
      minitest (~> 5.1)
      thread_safe (~> 0.3, >= 0.3.4)
      tzinfo (~> 1.1)
    bindata (2.2.0)
    color (1.8)
    configatron (3.2.0)
    i18n (0.7.0)
    json (1.8.3)
    lifx (0.4.11)
      bindata (~> 2.0)
      configatron (~> 3.0)
      timers (~> 1.0)
    memoist (0.14.0)
    minitest (5.8.4)
    thread_safe (0.3.5)
    timers (1.1.0)
    tzinfo (1.2.2)
      thread_safe (~> 0.1)

PLATFORMS
  ruby

DEPENDENCIES
  activesupport
  color
  json
  lifx
  memoist

BUNDLED WITH
   1.11.2
